GEM
  remote: https://rubygems.org/
  specs:
    activesupport (4.2.1)
      i18n (~> 0.7)
      json (~> 1.7, >= 1.7.7)
      minitest (~> 5.1)
      thread_safe (~> 0.3, >= 0.3.4)
      tzinfo (~> 1.1)
    addressable (2.3.8)
    backports (3.6.4)
    celluloid (0.16.0)
      timers (~> 4.0.0)
    coderay (1.1.0)
    committee (1.7.3)
      json_schema (~> 0.3)
      multi_json (~> 1.10)
      rack (~> 1.5)
    crack (0.4.2)
      safe_yaml (~> 1.0.0)
    database_cleaner (1.4.1)
    diff-lcs (1.2.5)
    docile (1.1.5)
    dotenv (2.0.1)
    erubis (2.7.0)
    hitimes (1.2.2)
    http_accept (0.1.6)
    hurley (0.2)
    i18n (0.7.0)
    json (1.8.2)
    json_schema (0.6.0)
    method_source (0.8.2)
    mini_portile (0.6.2)
    minitest (5.6.1)
    multi_json (1.11.0)
    nokogiri (1.6.6.4)
      mini_portile (~> 0.6.0)
    oj (2.12.8)
    pg (0.18.2)
    pliny (0.8.2)
      activesupport (~> 4.1, >= 4.1.0)
      http_accept (~> 0.1, >= 0.1.5)
      multi_json (~> 1.9, >= 1.9.3)
      pg (~> 0.17, >= 0.17.1)
      prmd (~> 0.7.0)
      rack-timeout (~> 0.2, >= 0.2.3)
      sequel (~> 4.9, >= 4.9.0)
      sinatra (~> 1.4, >= 1.4.5)
      sinatra-router (~> 0.2, >= 0.2.3)
      thor (~> 0.19, >= 0.19.1)
    prmd (0.7.3)
      erubis (~> 2.7)
      json_schema (~> 0.3, >= 0.3.1)
    pry (0.9.12.6)
      coderay (~> 1.0)
      method_source (~> 0.8)
      slop (~> 3.4)
    pry-remote (0.1.8)
      pry (~> 0.9)
      slop (~> 3.0)
    puma (2.11.3)
      rack (>= 1.1, < 2.0)
    rack (1.6.1)
    rack-protection (1.5.3)
      rack
    rack-ssl (1.4.1)
      rack
    rack-test (0.6.3)
      rack (>= 1.0)
    rack-timeout (0.2.4)
    rake (10.4.2)
    rollbar (1.5.3)
      multi_json (~> 1.3)
    rspec (3.2.0)
      rspec-core (~> 3.2.0)
      rspec-expectations (~> 3.2.0)
      rspec-mocks (~> 3.2.0)
    rspec-core (3.2.3)
      rspec-support (~> 3.2.0)
    rspec-expectations (3.2.1)
      diff-lcs (>= 1.2.0, < 2.0)
      rspec-support (~> 3.2.0)
    rspec-mocks (3.2.1)
      diff-lcs (>= 1.2.0, < 2.0)
      rspec-support (~> 3.2.0)
    rspec-support (3.2.2)
    safe_yaml (1.0.4)
    sequel (4.22.0)
    sequel-paranoid (0.6.1)
      sequel
    sequel_pg (1.6.12)
      pg (>= 0.8.0)
      sequel (>= 3.39.0)
    simplecov (0.10.0)
      docile (~> 1.1.0)
      json (~> 1.8)
      simplecov-html (~> 0.10.0)
    simplecov-html (0.10.0)
    sinatra (1.4.6)
      rack (~> 1.4)
      rack-protection (~> 1.4)
      tilt (>= 1.3, < 3)
    sinatra-contrib (1.4.2)
      backports (>= 2.0)
      multi_json
      rack-protection
      rack-test
      sinatra (~> 1.4.0)
      tilt (~> 1.3)
    sinatra-router (0.2.3)
      sinatra (~> 1.4)
    slop (3.6.0)
    sucker_punch (1.5.0)
      celluloid (~> 0.16.0)
    thor (0.19.1)
    thread_safe (0.3.5)
    tilt (1.4.1)
    timers (4.0.1)
      hitimes
    tzinfo (1.2.2)
      thread_safe (~> 0.1)
    uniara_virtual_parser (0.1.3)
      hurley (~> 0.1)
      nokogiri (~> 1.6.6.2)
    vcr (2.9.3)
    webmock (1.21.0)
      addressable (>= 2.3.6)
      crack (>= 0.3.2)

PLATFORMS
  ruby

DEPENDENCIES
  committee
  database_cleaner
  dotenv
  multi_json
  oj
  pg
  pliny (~> 0.8)
  pry-remote
  puma (~> 2.10)
  rack-ssl
  rack-test
  rake
  rollbar
  rspec
  sequel (~> 4.16)
  sequel-paranoid
  sequel_pg (~> 1.6)
  simplecov
  sinatra (~> 1.4)
  sinatra-contrib
  sinatra-router
  sucker_punch
  uniara_virtual_parser (~> 0.1.0)
  vcr (~> 2.9.3)
  webmock

BUNDLED WITH
   1.10.6
